GEM
  remote: https://rubygems.org/
  specs:
    capistrano (2.15.5)
      highline
      net-scp (>= 1.0.0)
      net-sftp (>= 2.0.0)
      net-ssh (>= 2.0.14)
      net-ssh-gateway (>= 1.1.0)
    capistrano-deploy-strategy-archive (0.1.2)
      capistrano (>= 2.1.0)
    dotenv (2.2.1)
    highline (1.7.8)
    net-scp (1.2.1)
      net-ssh (>= 2.6.5)
    net-sftp (2.1.2)
      net-ssh (>= 2.6.5)
    net-ssh (4.1.0)
    net-ssh-gateway (2.0.0)
      net-ssh (>= 4.0.0)

PLATFORMS
  ruby

DEPENDENCIES
  capistrano (= 2.15.5)
  capistrano-deploy-strategy-archive
  dotenv

BUNDLED WITH
   1.14.6
